GIT
  remote: git://github.com/chef/chef-acceptance.git
  revision: e28d67891b0359af83836ec55c91eb07e8b062d1
  specs:
    chef-acceptance (0.2.0)
      thor (~> 0.19)

GIT
  remote: git://github.com/sersut/test-kitchen.git
  revision: 5e4fa6baff5d51dc983be3f7b67ffe1bcbf2a8d2
  specs:
    test-kitchen (1.4.3.dev.0)
      mixlib-install (~> 0.7)
      mixlib-shellout (>= 1.2, < 3.0)
      net-scp (~> 1.1)
      net-ssh (~> 2.7, < 2.10)
      safe_yaml (~> 1.0)
      thor (~> 0.18)

PATH
  remote: ../
  specs:
    mixlib-install (0.8.0.alpha.0)
      artifactory (~> 2.3.0)
      mixlib-versioning (~> 1.1.0)

GEM
  remote: https://rubygems.org/
  specs:
    artifactory (2.3.2)
    coderay (1.1.0)
    kitchen-vagrant (0.19.0)
      test-kitchen (~> 1.4)
    method_source (0.8.2)
    mixlib-shellout (2.2.3)
    mixlib-versioning (1.1.0)
    net-scp (1.2.1)
      net-ssh (>= 2.6.5)
    net-ssh (2.9.2)
    pry (0.10.3)
      coderay (~> 1.1.0)
      method_source (~> 0.8.1)
      slop (~> 3.4)
    safe_yaml (1.0.4)
    slop (3.6.0)
    thor (0.19.1)

PLATFORMS
  ruby

DEPENDENCIES
  chef-acceptance!
  kitchen-vagrant
  mixlib-install!
  pry
  test-kitchen!

BUNDLED WITH
   1.10.6
